PATH
  remote: .
  specs:
    sw_tour (0.1.0)
      pry

GEM
  remote: https://rubygems.org/
  specs:
    coderay (1.1.3)
    method_source (1.0.0)
    pry (0.13.1)
      coderay (~> 1.1)
      method_source (~> 1.0)
    rake (12.3.3)

PLATFORMS
  ruby

DEPENDENCIES
  rake (~> 12.0)
  sw_tour!

BUNDLED WITH
   2.1.4
